PATH
  remote: .
  specs:
    photo_renamer (0.0.1)
      exif
      thor

GEM
  remote: https://rubygems.org/
  specs:
    exif (1.0.1)
    rake (11.1.2)
    thor (0.19.1)

PLATFORMS
  ruby

DEPENDENCIES
  bundler (~> 1.6)
  photo_renamer!
  rake

BUNDLED WITH
   1.12.1
